GIT
  remote: git://github.com/HipByte/motion-cocoapods.git
  revision: d719cd05fd3f4c9bc9b54f1399e5a16116901e4a
  specs:
    motion-cocoapods (1.4.0)
      cocoapods (>= 0.26.2)

GEM
  remote: https://rubygems.org/
  specs:
    ProMotion (1.0.4)
    activesupport (3.2.15)
      i18n (~> 0.6, >= 0.6.4)
      multi_json (~> 1.0)
    afmotion (0.7)
      motion-cocoapods (>= 1.2.1)
    awesome_print_motion (0.1.0)
    bubble-wrap (1.3.0)
    claide (0.3.2)
    cocoapods (0.27.1)
      activesupport (>= 3.2.15, < 4)
      claide (~> 0.3.2)
      cocoapods-core (= 0.27.1)
      cocoapods-downloader (~> 0.2.0)
      colored (~> 1.2)
      escape (~> 0.0.4)
      json_pure (~> 1.8)
      open4 (~> 1.3)
      xcodeproj (~> 0.14.0)
    cocoapods-core (0.27.1)
      activesupport (>= 3.2.15, < 4)
      json_pure (~> 1.8)
      nap (~> 0.5)
    cocoapods-downloader (0.2.0)
    colored (1.2)
    escape (0.0.4)
    formotion (1.5.1)
      bubble-wrap (~> 1.3.0)
      motion-require (~> 0.0.3)
    geomotion (0.13.1)
    i18n (0.6.5)
    json_pure (1.8.1)
    motion-require (0.0.7)
    multi_json (1.8.2)
    nap (0.5.1)
    open4 (1.3.0)
    rake (10.1.0)
    sugarcube (1.3.5)
    xcodeproj (0.14.1)
      activesupport (~> 3.0)
      colored (~> 1.2)
      rake

PLATFORMS
  ruby

DEPENDENCIES
  ProMotion (~> 1.0.4)
  afmotion
  awesome_print_motion
  bubble-wrap (~> 1.3.0)
  cocoapods
  formotion
  geomotion
  motion-cocoapods!
  rake (>= 0.9.4)
  sugarcube
